GEM
  remote: http://rubygems.org/
  specs:
    sass (3.1.18)

PLATFORMS
  ruby

DEPENDENCIES
  sass
